GEM
  remote: https://rubygems.org/
  specs:
    addressable (2.8.6)
      public_suffix (>= 2.0.2, < 6.0)
    ast (2.4.2)
    benchmark-memory (0.2.0)
      memory_profiler (~> 1)
    bigdecimal (3.1.6)
    byebug (11.1.3)
    coderay (1.1.3)
    crack (0.4.6)
      bigdecimal
      rexml
    diff-lcs (1.5.0)
    docile (1.4.0)
    domain_name (0.6.20240107)
    ffaker (2.20.0)
    hashdiff (1.1.0)
    http-accept (1.7.0)
    http-cookie (1.0.5)
      domain_name (~> 0.5)
    json (2.7.1)
    language_server-protocol (3.17.0.3)
    logger (1.5.0)
    memory_profiler (1.0.0)
    method_source (1.0.0)
    mime-types (3.5.2)
      mime-types-data (~> 3.2015)
    mime-types-data (3.2023.1205)
    netrc (0.11.0)
    parallel (1.24.0)
    parser (3.2.2.4)
      ast (~> 2.4.1)
      racc
    pry (0.14.1)
      coderay (~> 1.1)
      method_source (~> 1.0)
    pry-byebug (3.10.1)
      byebug (~> 11.0)
      pry (>= 0.13, < 0.15)
    public_suffix (5.0.4)
    racc (1.7.3)
    rainbow (3.1.1)
    regexp_parser (2.8.3)
    rest-client (2.1.0)
      http-accept (>= 1.7.0, < 2.0)
      http-cookie (>= 1.0.2, < 2.0)
      mime-types (>= 1.16, < 4.0)
      netrc (~> 0.8)
    rexml (3.2.6)
    rspec (3.11.0)
      rspec-core (~> 3.11.0)
      rspec-expectations (~> 3.11.0)
      rspec-mocks (~> 3.11.0)
    rspec-core (3.11.0)
      rspec-support (~> 3.11.0)
    rspec-expectations (3.11.0)
      diff-lcs (>= 1.2.0, < 2.0)
      rspec-support (~> 3.11.0)
    rspec-mocks (3.11.0)
      diff-lcs (>= 1.2.0, < 2.0)
      rspec-support (~> 3.11.0)
    rspec-support (3.11.0)
    rubocop (1.59.0)
      json (~> 2.3)
      language_server-protocol (>= 3.17.0)
      parallel (~> 1.10)
      parser (>= 3.2.2.4)
      rainbow (>= 2.2.2, < 4.0)
      regexp_parser (>= 1.8, < 3.0)
      rexml (>= 3.2.5, < 4.0)
      rubocop-ast (>= 1.30.0, < 2.0)
      ruby-progressbar (~> 1.7)
      unicode-display_width (>= 2.4.0, < 3.0)
    rubocop-ast (1.30.0)
      parser (>= 3.2.1.0)
    ruby-progressbar (1.13.0)
    simplecov (0.22.0)
      docile (~> 1.1)
      simplecov-html (~> 0.11)
      simplecov_json_formatter (~> 0.1)
    simplecov-html (0.12.3)
    simplecov_json_formatter (0.1.4)
    unicode-display_width (2.5.0)
    webmock (3.19.1)
      addressable (>= 2.8.0)
      crack (>= 0.3.2)
      hashdiff (>= 0.4.0, < 2.0.0)

PLATFORMS
  aarch64-linux
  x86_64-linux

DEPENDENCIES
  benchmark-memory
  ffaker
  logger
  pry-byebug
  rest-client
  rspec
  rubocop
  simplecov
  webmock

BUNDLED WITH
   2.3.9
